GEM
  remote: https://rubygems.org/
  specs:
    aws-sdk-core (2.0.0.rc15)
      builder (~> 3.0)
      jamespath (~> 0)
      multi_json (~> 1.0)
      multi_xml (~> 0.5)
    builder (3.2.2)
    diff-lcs (1.2.5)
    jamespath (0.5.0)
    multi_json (1.10.1)
    multi_xml (0.5.5)
    rspec (3.1.0)
      rspec-core (~> 3.1.0)
      rspec-expectations (~> 3.1.0)
      rspec-mocks (~> 3.1.0)
    rspec-core (3.1.2)
      rspec-support (~> 3.1.0)
    rspec-expectations (3.1.0)
      diff-lcs (>= 1.2.0, < 2.0)
      rspec-support (~> 3.1.0)
    rspec-mocks (3.1.0)
      rspec-support (~> 3.1.0)
    rspec-support (3.1.0)
    thor (0.19.1)

PLATFORMS
  ruby

DEPENDENCIES
  aws-sdk-core
  rspec
  thor
